GEM
  remote: https://rubygems.org/
  specs:
    byebug (8.2.1)
    coderay (1.1.0)
    method_source (0.8.2)
    mini_portile2 (2.0.0)
    nokogiri (1.6.7.1)
      mini_portile2 (~> 2.0.0.rc2)
    pry (0.10.3)
      coderay (~> 1.1.0)
      method_source (~> 0.8.1)
      slop (~> 3.4)
    pry-byebug (3.3.0)
      byebug (~> 8.0)
      pry (~> 0.10)
    slop (3.6.0)

PLATFORMS
  ruby

DEPENDENCIES
  byebug
  nokogiri
  pry
  pry-byebug

BUNDLED WITH
   1.10.6
